GEM
  remote: http://rubygems.org/
  specs:
    nokogiri (1.4.4)
    rack (1.2.1)
    sinatra (1.1.2)
      rack (~> 1.1)
      tilt (~> 1.2)
    tilt (1.2.1)

PLATFORMS
  ruby

DEPENDENCIES
  nokogiri
  sinatra
