GEM
  remote: http://rubygems.org/
  specs:
    builder (3.0.0)
    cabinet (0.1.2)
      fog (~> 0.3.30)
    excon (0.4.0)
    fog (0.3.34)
      builder
      excon (>= 0.3.6)
      formatador (>= 0.0.16)
      json
      mime-types
      net-ssh (>= 2.0.23)
      nokogiri (>= 1.4.4)
      ruby-hmac
    formatador (0.0.16)
    json (1.4.6)
    mime-types (1.16)
    net-ssh (2.0.23)
    nokogiri (1.4.4)
    rack (1.2.1)
    ruby-hmac (0.4.0)
    sinatra (1.1.2)
      rack (~> 1.1)
      tilt (~> 1.2)
    tilt (1.2.1)

PLATFORMS
  ruby

DEPENDENCIES
  cabinet (>= 0.1.2)
  nokogiri
  sinatra
